GEM
  remote: https://rubygems.org/
  specs:
    jwt (2.7.1)

PLATFORMS
  x86_64-linux

DEPENDENCIES
  jwt (~> 2.0)

BUNDLED WITH
   2.3.25
